GEM
  remote: https://rubygems.org/
  specs:
    ast (2.4.2)
    bcdice (3.7.0)
      i18n (~> 1.8.5)
    concurrent-ruby (1.1.10)
    i18n (1.8.11)
      concurrent-ruby (~> 1.0)
    multi_json (1.15.0)
    mustermann (2.0.2)
      ruby2_keywords (~> 0.0.1)
    nio4r (2.5.8)
    parallel (1.22.1)
    parser (3.1.2.1)
      ast (~> 2.4.1)
    power_assert (2.0.2)
    puma (5.6.5)
      nio4r (~> 2.0)
    rack (2.2.4)
    rack-protection (2.2.2)
      rack
    rack-test (1.1.0)
      rack (>= 1.0, < 3)
    rainbow (3.1.1)
    rake (13.0.6)
    regexp_parser (2.6.0)
    rexml (3.2.5)
    rubocop (1.15.0)
      parallel (~> 1.10)
      parser (>= 3.0.0.0)
      rainbow (>= 2.2.2, < 4.0)
      regexp_parser (>= 1.8, < 3.0)
      rexml
      rubocop-ast (>= 1.5.0, < 2.0)
      ruby-progressbar (~> 1.7)
      unicode-display_width (>= 1.4.0, < 3.0)
    rubocop-ast (1.23.0)
      parser (>= 3.1.1.0)
    ruby-progressbar (1.11.0)
    ruby2_keywords (0.0.5)
    sinatra (2.2.2)
      mustermann (~> 2.0)
      rack (~> 2.2)
      rack-protection (= 2.2.2)
      tilt (~> 2.0)
    sinatra-contrib (2.2.2)
      multi_json
      mustermann (~> 2.0)
      rack-protection (= 2.2.2)
      sinatra (= 2.2.2)
      tilt (~> 2.0)
    sinatra-jsonp (0.5.0)
      multi_json (~> 1.8)
      sinatra (>= 1.0)
    test-unit (3.5.5)
      power_assert
    tilt (2.0.11)
    tomlrb (2.0.3)
    unicode-display_width (2.3.0)

PLATFORMS
  ruby

DEPENDENCIES
  bcdice (~> 3.0)
  puma (~> 5.6)
  rack-test (~> 1.1)
  rake (~> 13.0)
  rubocop (~> 1.15.0)
  sinatra (~> 2.0)
  sinatra-contrib (~> 2.0)
  sinatra-jsonp (~> 0.5.0)
  test-unit (~> 3.3)
  tomlrb

BUNDLED WITH
   2.3.9
